GEM
  remote: https://rubygems.org/
  specs:
    coderay (1.1.3)
    method_source (1.0.0)
    pry (0.14.1)
      coderay (~> 1.1)
      method_source (~> 1.0)
    rack (2.2.3)
    rack-test (1.1.0)
      rack (>= 1.0, < 3)
    webrick (1.7.0)

PLATFORMS
  universal-darwin-20
  universal-darwin-21
  x86_64-linux

DEPENDENCIES
  pry
  rack (~> 2.2)
  rack-test (~> 1.1)
  webrick (~> 1.7)

BUNDLED WITH
   2.3.20
